GEM
  remote: https://rubygems.org/
  specs:
    fortune_gem (0.0.8)
    ruby_cowsay (0.1.1)

PLATFORMS
  ruby

DEPENDENCIES
  fortune_gem
  ruby_cowsay

BUNDLED WITH
   1.10.3
